GEM
  remote: https://rubygems.org/
  specs:
    aws-sdk (2.10.14)
      aws-sdk-resources (= 2.10.14)
    aws-sdk-core (2.10.14)
      aws-sigv4 (~> 1.0)
      jmespath (~> 1.0)
    aws-sdk-resources (2.10.14)
      aws-sdk-core (= 2.10.14)
    aws-sigv4 (1.0.1)
    jmespath (1.3.1)

PLATFORMS
  x64-mingw32

DEPENDENCIES
  aws-sdk

BUNDLED WITH
   1.15.2
